PATH
  remote: .
  specs:
    time_log_robot (0.1.2)
      activesupport (~> 4.2, >= 4.2.6)
      commander (~> 4.1, >= 4.1.6)
      httparty (~> 0.13, >= 0.13.0)
      json (~> 1.8, >= 1.8.1)

GEM
  remote: https://rubygems.org/
  specs:
    activesupport (4.2.6)
      i18n (~> 0.7)
      json (~> 1.7, >= 1.7.7)
      minitest (~> 5.1)
      thread_safe (~> 0.3, >= 0.3.4)
      tzinfo (~> 1.1)
    ansi (1.5.0)
    builder (3.2.2)
    coderay (1.1.1)
    commander (4.1.6)
      highline (~> 1.6.11)
    highline (1.6.21)
    httparty (0.13.3)
      json (~> 1.8)
      multi_xml (>= 0.5.2)
    i18n (0.7.0)
    interception (0.5)
    json (1.8.3)
    method_source (0.8.2)
    minitest (5.8.4)
    minitest-emoji (2.0.0)
    minitest-reporters (1.1.9)
      ansi
      builder
      minitest (>= 5.0)
      ruby-progressbar
    multi_xml (0.5.5)
    pry (0.10.3)
      coderay (~> 1.1.0)
      method_source (~> 0.8.1)
      slop (~> 3.4)
    pry-rescue (1.4.4)
      interception (>= 0.5)
      pry
    rake (10.5.0)
    ruby-progressbar (1.8.1)
    slop (3.6.0)
    thread_safe (0.3.5)
    tzinfo (1.2.2)
      thread_safe (~> 0.1)

PLATFORMS
  ruby

DEPENDENCIES
  bundler (~> 1.3)
  minitest
  minitest-emoji
  minitest-reporters
  pry-rescue
  rake (~> 10.5)
  time_log_robot!

BUNDLED WITH
   1.12.3
